GIT
  remote: git://github.com/ippa/chingu.git
  revision: 6245c7d07a61fcb9e8468656ec65c02f3dcfcd23
  specs:
    chingu (0.9rc9)
      gosu (>= 0.7.45)
      gosu (>= 0.7.45)

GEM
  remote: https://rubygems.org/
  specs:
    diff-lcs (1.2.4)
    gosu (0.7.47.1)
    rspec (2.14.0)
      rspec-core (~> 2.14.0)
      rspec-expectations (~> 2.14.0)
      rspec-mocks (~> 2.14.0)
    rspec-core (2.14.0)
    rspec-expectations (2.14.0)
      diff-lcs (>= 1.1.3, < 2.0)
    rspec-mocks (2.14.1)

PLATFORMS
  ruby

DEPENDENCIES
  chingu!
  rspec
